GEM
  remote: http://rubygems.org/
  specs:
    addressable (2.3.8)
    bcrypt (3.1.10)
    bcrypt-ruby (3.1.5)
      bcrypt (>= 3.1.3)
    data_mapper (1.2.0)
      dm-aggregates (~> 1.2.0)
      dm-constraints (~> 1.2.0)
      dm-core (~> 1.2.0)
      dm-migrations (~> 1.2.0)
      dm-serializer (~> 1.2.0)
      dm-timestamps (~> 1.2.0)
      dm-transactions (~> 1.2.0)
      dm-types (~> 1.2.0)
      dm-validations (~> 1.2.0)
    data_objects (0.10.15)
      addressable (~> 2.1)
    dm-aggregates (1.2.0)
      dm-core (~> 1.2.0)
    dm-constraints (1.2.0)
      dm-core (~> 1.2.0)
    dm-core (1.2.1)
      addressable (~> 2.3)
    dm-do-adapter (1.2.0)
      data_objects (~> 0.10.6)
      dm-core (~> 1.2.0)
    dm-is-state_machine (1.2.0)
      dm-core (~> 1.2.0)
    dm-migrations (1.2.0)
      dm-core (~> 1.2.0)
    dm-postgres-adapter (1.2.0)
      dm-do-adapter (~> 1.2.0)
      do_postgres (~> 0.10.6)
    dm-redis-adapter (0.10.1)
      dm-core (>= 1.2.0)
      dm-types (>= 1.2.0)
      dm-validations (>= 1.2.0)
      hiredis (~> 0.4.0)
      redis (>= 3.0.4)
    dm-serializer (1.2.2)
      dm-core (~> 1.2.0)
      fastercsv (~> 1.5)
      json (~> 1.6)
      json_pure (~> 1.6)
      multi_json (~> 1.0)
    dm-timestamps (1.2.0)
      dm-core (~> 1.2.0)
    dm-transactions (1.2.0)
      dm-core (~> 1.2.0)
    dm-types (1.2.2)
      bcrypt-ruby (~> 3.0)
      dm-core (~> 1.2.0)
      fastercsv (~> 1.5)
      json (~> 1.6)
      multi_json (~> 1.0)
      stringex (~> 1.4)
      uuidtools (~> 2.1)
    dm-validations (1.2.0)
      dm-core (~> 1.2.0)
    do_postgres (0.10.15)
      data_objects (= 0.10.15)
    extlib (0.9.16)
    fastercsv (1.5.5)
    hiredis (0.4.5)
    json (1.8.2)
    json_pure (1.8.2)
    kgio (2.9.3)
    multi_json (1.11.0)
    pg (0.18.1)
    rack (1.6.0)
    rack-cache (1.2)
      rack (>= 0.4)
    rack-contrib (1.2.0)
      rack (>= 0.9.1)
    rack-protection (1.5.3)
      rack
    raindrops (0.13.0)
    redis (3.2.1)
    sinatra (1.4.6)
      rack (~> 1.4)
      rack-protection (~> 1.4)
      tilt (>= 1.3, < 3)
    stringex (1.5.1)
    systemu (2.6.5)
    tilt (2.0.1)
    unicorn (4.8.3)
      kgio (~> 2.6)
      rack
      raindrops (~> 0.7)
    uuidtools (2.1.5)

PLATFORMS
  ruby

DEPENDENCIES
  data_mapper
  data_objects
  dm-aggregates
  dm-constraints
  dm-core
  dm-is-state_machine
  dm-migrations
  dm-postgres-adapter
  dm-redis-adapter
  dm-serializer
  dm-timestamps
  dm-types
  dm-validations
  do_postgres
  extlib
  json
  pg
  rack-cache
  rack-contrib
  sinatra
  systemu
  unicorn
